GIT
  remote: git://github.com/mitchlloyd/podcast-press.git
  revision: 2dcd7e02ac0bf8bad99baf00a5ac50b2c559b6b0
  specs:
    podcast_press (0.0.1)
      commander (~> 4.1.2)
      taglib-ruby (~> 0.5.0)

GEM
  remote: http://rubygems.org/
  specs:
    commander (4.1.2)
      highline (~> 1.6.11)
    highline (1.6.15)
    taglib-ruby (0.5.1)

PLATFORMS
  ruby

DEPENDENCIES
  podcast_press!
