GIT
  remote: git://github.com/mitchlloyd/podcast-press.git
  revision: 581ebe6cec8e14636d8fb8778e0242b7210d68bb
  specs:
    podcast_press (0.0.2)
      aws-s3 (~> 0.6.3)
      commander (~> 4.1.2)
      dotenv (~> 0.5.0)
      taglib-ruby (~> 0.5.0)

GEM
  remote: http://rubygems.org/
  specs:
    aws-s3 (0.6.3)
      builder
      mime-types
      xml-simple
    builder (3.1.4)
    byebug (3.3.0)
      columnize (~> 0.8)
      debugger-linecache (~> 1.2)
      slop (~> 3.6)
    columnize (0.8.9)
    commander (4.1.3)
      highline (~> 1.6.11)
    debugger-linecache (1.2.0)
    diff-lcs (1.2.3)
    dotenv (0.5.0)
    highline (1.6.15)
    mime-types (1.21)
    rdiscount (2.0.7.2)
    rspec (2.13.0)
      rspec-core (~> 2.13.0)
      rspec-expectations (~> 2.13.0)
      rspec-mocks (~> 2.13.0)
    rspec-core (2.13.1)
    rspec-expectations (2.13.0)
      diff-lcs (>= 1.1.3, < 2.0)
    rspec-mocks (2.13.1)
    slop (3.6.0)
    taglib-ruby (0.5.2)
    xml-simple (1.1.2)

PLATFORMS
  ruby

DEPENDENCIES
  byebug
  podcast_press!
  rdiscount
  rspec
